GEM
  remote: https://rubygems.org/
  specs:
    backports (3.20.2)
    byebug (11.1.3)
    chef-utils (16.11.7)
    coderay (1.1.3)
    colorize (0.8.1)
    diff-lcs (1.4.4)
    domain_name (0.5.20190701)
      unf (>= 0.0.5, < 1.0.0)
    http-accept (1.7.0)
    http-cookie (1.0.3)
      domain_name (~> 0.5)
    json (2.5.1)
    kgio (2.11.3)
    method_source (1.0.0)
    mime-types (3.3.1)
      mime-types-data (~> 3.2015)
    mime-types-data (3.2021.0212)
    mixlib-install (3.12.11)
      mixlib-shellout
      mixlib-versioning
      thor
    mixlib-shellout (3.2.5)
      chef-utils
    mixlib-versioning (1.1.0)
    multi_json (1.15.0)
    netrc (0.11.0)
    pry (0.13.1)
      coderay (~> 1.1)
      method_source (~> 1.0)
    pry-byebug (3.9.0)
      byebug (~> 11.0)
      pry (~> 0.13.0)
    rack (1.6.13)
    rack-protection (1.5.5)
      rack
    rack-test (1.1.0)
      rack (>= 1.0, < 3)
    raindrops (0.19.1)
    rake (13.0.3)
    rb-readline (0.5.5)
    redis (4.3.1)
    rest-client (2.1.0)
      http-accept (>= 1.7.0, < 2.0)
      http-cookie (>= 1.0.2, < 2.0)
      mime-types (>= 1.16, < 4.0)
      netrc (~> 0.8)
    rspec (3.10.0)
      rspec-core (~> 3.10.0)
      rspec-expectations (~> 3.10.0)
      rspec-mocks (~> 3.10.0)
    rspec-core (3.10.1)
      rspec-support (~> 3.10.0)
    rspec-expectations (3.10.1)
      diff-lcs (>= 1.2.0, < 2.0)
      rspec-support (~> 3.10.0)
    rspec-its (1.3.0)
      rspec-core (>= 3.0.0)
      rspec-expectations (>= 3.0.0)
    rspec-legacy_formatters (1.0.2)
      rspec (~> 3.0)
    rspec-mocks (3.10.2)
      diff-lcs (>= 1.2.0, < 2.0)
      rspec-support (~> 3.10.0)
    rspec-rerun (1.1.0)
      rspec (~> 3.0)
    rspec-support (3.10.2)
    rspec_junit_formatter (0.4.1)
      rspec-core (>= 2, < 4, != 2.12.0)
    sinatra (1.4.8)
      rack (~> 1.5)
      rack-protection (~> 1.4)
      tilt (>= 1.3, < 3)
    sinatra-contrib (1.4.7)
      backports (>= 2.0)
      multi_json
      rack-protection
      rack-test
      sinatra (~> 1.4.0)
      tilt (>= 1.3, < 3)
    sinatra-cors (1.2.0)
    sinatra-param (1.6.0)
      sinatra (>= 1.3)
    statsd-ruby (1.5.0)
    thor (1.1.0)
    tilt (2.0.10)
    trashed (3.2.7)
      statsd-ruby (~> 1.1)
    unf (0.1.4)
      unf_ext
    unf_ext (0.0.7.7)
    unicorn (6.0.0)
      kgio (~> 2.6)
      raindrops (~> 0.7)
    yajl-ruby (1.4.1)

PLATFORMS
  ruby

DEPENDENCIES
  colorize
  json
  mixlib-install (>= 3.11.23)
  mixlib-versioning (~> 1.1.0)
  pry-byebug
  rack-test
  rake
  rb-readline
  redis
  rest-client
  rspec
  rspec-its
  rspec-legacy_formatters
  rspec-rerun (~> 1.1.0)
  rspec_junit_formatter
  sinatra (~> 1.4, < 2)
  sinatra-contrib
  sinatra-cors
  sinatra-param
  trashed
  unicorn
  yajl-ruby

BUNDLED WITH
   2.1.4
