GEM
  remote: http://rubygems.org/
  specs:
    backports (2.6.1)
    builder (3.1.4)
    colorize (0.5.8)
    diff-lcs (1.1.3)
    eventmachine (0.12.10)
    json (1.6.5)
    kgio (2.7.4)
    mime-types (1.18)
    rack (1.4.1)
    rack-protection (1.2.0)
      rack
    rack-test (0.6.1)
      rack (>= 1.0)
    raindrops (0.10.0)
    rspec (2.12.0)
      rspec-core (~> 2.12.0)
      rspec-expectations (~> 2.12.0)
      rspec-mocks (~> 2.12.0)
    rspec-core (2.12.2)
    rspec-expectations (2.12.1)
      diff-lcs (~> 1.1.3)
    rspec-mocks (2.12.0)
    rspec-rerun (0.1.1)
      rspec (>= 2.11.0)
    rspec_junit_formatter (0.1.5)
      builder
      rspec (~> 2.0)
      rspec-core (!= 2.12.0)
    sinatra (1.3.2)
      rack (~> 1.3, >= 1.3.6)
      rack-protection (~> 1.2)
      tilt (~> 1.3, >= 1.3.3)
    sinatra-contrib (1.3.1)
      backports (>= 2.0)
      eventmachine
      rack-protection
      rack-test
      sinatra (~> 1.3.0)
      tilt (~> 1.3)
    tilt (1.3.3)
    uber-s3 (0.2.1)
      mime-types (~> 1.17)
    unicorn (4.3.1)
      kgio (~> 2.6)
      rack
      raindrops (~> 0.7)

PLATFORMS
  ruby

DEPENDENCIES
  colorize
  json
  rack-test
  rspec
  rspec-rerun
  rspec_junit_formatter
  sinatra
  sinatra-contrib
  uber-s3
  unicorn
