GIT
  remote: https://github.com/chef/mixlib-install
  revision: 1c3261ef68c3ba1ba3a380d04b617d7d99a0f3ff
  branch: main
  specs:
    mixlib-install (3.12.30)
      mixlib-shellout
      mixlib-versioning
      thor

GEM
  remote: https://rubygems.org/
  specs:
    base64 (0.3.0)
    byebug (11.1.3)
    chef-utils (18.3.0)
      concurrent-ruby
    coderay (1.1.3)
    colorize (0.8.1)
    concurrent-ruby (1.2.2)
    diff-lcs (1.4.4)
    domain_name (0.5.20190701)
      unf (>= 0.0.5, < 1.0.0)
    http-accept (1.7.0)
    http-cookie (1.0.3)
      domain_name (~> 0.5)
    json (2.6.1)
    kgio (2.11.3)
    logger (1.7.0)
    method_source (1.0.0)
    mime-types (3.3.1)
      mime-types-data (~> 3.2015)
    mime-types-data (3.2021.0212)
    mixlib-shellout (3.2.7)
      chef-utils
    mixlib-versioning (1.1.0)
    multi_json (1.15.0)
    mustermann (3.0.4)
      ruby2_keywords (~> 0.0.1)
    netrc (0.11.0)
    pry (0.13.1)
      coderay (~> 1.1)
      method_source (~> 1.0)
    pry-byebug (3.9.0)
      byebug (~> 11.0)
      pry (~> 0.13.0)
    rack (3.2.0)
    rack-protection (4.1.1)
      base64 (>= 0.1.0)
      logger (>= 1.6.0)
      rack (>= 3.0.0, < 4)
    rack-session (2.1.1)
      base64 (>= 0.1.0)
      rack (>= 3.0.0)
    rack-test (2.2.0)
      rack (>= 1.3)
    raindrops (0.19.1)
    rake (13.0.6)
    rb-readline (0.5.5)
    redis (4.4.0)
    rest-client (2.1.0)
      http-accept (>= 1.7.0, < 2.0)
      http-cookie (>= 1.0.2, < 2.0)
      mime-types (>= 1.16, < 4.0)
      netrc (~> 0.8)
    rspec (3.10.0)
      rspec-core (~> 3.10.0)
      rspec-expectations (~> 3.10.0)
      rspec-mocks (~> 3.10.0)
    rspec-core (3.10.1)
      rspec-support (~> 3.10.0)
    rspec-expectations (3.10.1)
      diff-lcs (>= 1.2.0, < 2.0)
      rspec-support (~> 3.10.0)
    rspec-its (1.3.0)
      rspec-core (>= 3.0.0)
      rspec-expectations (>= 3.0.0)
    rspec-legacy_formatters (1.0.2)
      rspec (~> 3.0)
    rspec-mocks (3.10.2)
      diff-lcs (>= 1.2.0, < 2.0)
      rspec-support (~> 3.10.0)
    rspec-rerun (1.1.0)
      rspec (~> 3.0)
    rspec-support (3.10.3)
    rspec_junit_formatter (0.5.1)
      rspec-core (>= 2, < 4, != 2.12.0)
    ruby2_keywords (0.0.5)
    sinatra (4.1.1)
      logger (>= 1.6.0)
      mustermann (~> 3.0)
      rack (>= 3.0.0, < 4)
      rack-protection (= 4.1.1)
      rack-session (>= 2.0.0, < 3)
      tilt (~> 2.0)
    sinatra-contrib (4.1.1)
      multi_json (>= 0.0.2)
      mustermann (~> 3.0)
      rack-protection (= 4.1.1)
      sinatra (= 4.1.1)
      tilt (~> 2.0)
    sinatra-cors (1.2.0)
    sinatra-param (1.6.0)
      sinatra (>= 1.3)
    statsd-ruby (1.5.0)
    thor (1.3.0)
    tilt (2.6.1)
    trashed (3.2.7)
      statsd-ruby (~> 1.1)
    unf (0.1.4)
      unf_ext
    unf_ext (0.0.7.7)
    unicorn (6.0.0)
      kgio (~> 2.6)
      raindrops (~> 0.7)
    yajl-ruby (1.4.1)

PLATFORMS
  ruby

DEPENDENCIES
  colorize
  json
  mixlib-install (>= 3.11.23)!
  mixlib-versioning (~> 1.1.0)
  pry-byebug
  rack-test
  rake
  rb-readline
  redis
  rest-client
  rspec
  rspec-its
  rspec-legacy_formatters
  rspec-rerun (~> 1.1.0)
  rspec_junit_formatter
  sinatra (~> 4.1)
  sinatra-contrib
  sinatra-cors
  sinatra-param
  trashed
  unicorn
  yajl-ruby

BUNDLED WITH
   2.3.26
