GIT
  remote: https://github.com/chef/mixlib-install.git
  revision: c2ec3cc1e3f67fd75f150ad89cbdb1938c580bf8
  branch: master
  specs:
    mixlib-install (1.0.9)
      artifactory
      mixlib-shellout
      mixlib-versioning

GEM
  remote: https://rubygems.org/
  specs:
    artifactory (2.3.2)
    backports (3.6.7)
    builder (3.2.2)
    bundler-audit (0.4.0)
      bundler (~> 1.2)
      thor (~> 0.18)
    colorize (0.7.7)
    diff-lcs (1.2.5)
    domain_name (0.5.25)
      unf (>= 0.0.5, < 1.0.0)
    http-cookie (1.0.2)
      domain_name (~> 0.5)
    json (1.8.3)
    kgio (2.10.0)
    mime-types (1.25.1)
    mixlib-shellout (2.2.6)
    mixlib-versioning (1.1.0)
    multi_json (1.11.2)
    netrc (0.11.0)
    rack (1.5.5)
    rack-protection (1.5.3)
      rack
    rack-test (0.6.3)
      rack (>= 1.0)
    raindrops (0.15.0)
    rake (10.5.0)
    rest-client (1.8.0)
      http-cookie (>= 1.0.2, < 2.0)
      mime-types (>= 1.16, < 3.0)
      netrc (~> 0.7)
    rspec (3.4.0)
      rspec-core (~> 3.4.0)
      rspec-expectations (~> 3.4.0)
      rspec-mocks (~> 3.4.0)
    rspec-core (3.4.1)
      rspec-support (~> 3.4.0)
    rspec-expectations (3.4.0)
      diff-lcs (>= 1.2.0, < 2.0)
      rspec-support (~> 3.4.0)
    rspec-its (1.2.0)
      rspec-core (>= 3.0.0)
      rspec-expectations (>= 3.0.0)
    rspec-legacy_formatters (1.0.1)
      rspec (~> 3.0)
    rspec-mocks (3.4.0)
      diff-lcs (>= 1.2.0, < 2.0)
      rspec-support (~> 3.4.0)
    rspec-rerun (0.3.1)
      rspec
    rspec-support (3.4.1)
    rspec_junit_formatter (0.2.3)
      builder (< 4)
      rspec-core (>= 2, < 4, != 2.12.0)
    sinatra (1.4.7)
      rack (~> 1.5)
      rack-protection (~> 1.4)
      tilt (>= 1.3, < 3)
    sinatra-contrib (1.4.6)
      backports (>= 2.0)
      multi_json
      rack-protection
      rack-test
      sinatra (~> 1.4.0)
      tilt (>= 1.3, < 3)
    statsd-ruby (1.2.1)
    thor (0.19.1)
    tilt (2.0.1)
    trashed (3.2.5)
      statsd-ruby (~> 1.1)
    unf (0.1.4)
      unf_ext
    unf_ext (0.0.7.1)
    unicorn (5.0.1)
      kgio (~> 2.6)
      rack
      raindrops (~> 0.7)
    yajl-ruby (1.2.1)

PLATFORMS
  ruby

DEPENDENCIES
  bundler-audit
  colorize
  json
  mixlib-install!
  mixlib-versioning (~> 1.1.0)
  rack-test
  rake
  rest-client
  rspec
  rspec-its
  rspec-legacy_formatters
  rspec-rerun (~> 0.3.0)
  rspec_junit_formatter
  sinatra (~> 1.4.7)
  sinatra-contrib
  trashed
  unicorn
  yajl-ruby

BUNDLED WITH
   1.11.2
