GEM
  remote: https://rubygems.org/
  specs:
    mime-types (1.21)
    nokogiri (1.5.6)
    rest-client (1.6.7)
      mime-types (>= 1.16)
    yajl-ruby (1.1.0)

PLATFORMS
  ruby

DEPENDENCIES
  nokogiri
  rest-client
  yajl-ruby
